GEM
  remote: https://rubygems.org/
  specs:
    AVClub (1.0.4)
      rake
    bubble-wrap (1.4.0)
    rake (10.1.0)

PLATFORMS
  ruby

DEPENDENCIES
  AVClub
  bubble-wrap
  rake
